GEM
  remote: https://rubygems.org/
  specs:
    cape-cod (0.1.4)
    terminal-table (1.8.0)
      unicode-display_width (~> 1.1, >= 1.1.1)
    unicode-display_width (1.3.0)

PLATFORMS
  ruby

DEPENDENCIES
  cape-cod
  terminal-table

BUNDLED WITH
   1.15.0
